GEM
  remote: https://rubygems.org/
  specs:
    rainbow (2.0.0)
    sass (3.4.13)
    scss_lint (0.38.0)
      rainbow (~> 2.0)
      sass (~> 3.4.1)

PLATFORMS
  x86-mingw32

DEPENDENCIES
  scss_lint (~> 0.38.0)
